GEM
  remote: https://rubygems.org/
  specs:
    addressable (2.8.4)
      public_suffix (>= 2.0.2, < 6.0)
    baran (0.1.6)
    colorize (0.8.1)
    faraday (1.10.3)
      faraday-em_http (~> 1.0)
      faraday-em_synchrony (~> 1.0)
      faraday-excon (~> 1.1)
      faraday-httpclient (~> 1.0)
      faraday-multipart (~> 1.0)
      faraday-net_http (~> 1.0)
      faraday-net_http_persistent (~> 1.0)
      faraday-patron (~> 1.0)
      faraday-rack (~> 1.0)
      faraday-retry (~> 1.0)
      ruby2_keywords (>= 0.0.4)
    faraday-em_http (1.0.0)
    faraday-em_synchrony (1.0.0)
    faraday-excon (1.1.0)
    faraday-httpclient (1.0.1)
    faraday-multipart (1.0.4)
      multipart-post (~> 2)
    faraday-net_http (1.0.1)
    faraday-net_http_persistent (1.2.0)
    faraday-patron (1.0.0)
    faraday-rack (1.0.0)
    faraday-retry (1.0.3)
    faraday_middleware (1.2.0)
      faraday (~> 1.0)
    google_palm_api (0.1.2)
      faraday (>= 1.0.0)
      faraday_middleware (>= 1.0.0)
    json-schema (4.0.0)
      addressable (>= 2.8)
    langchainrb (0.6.3)
      baran (~> 0.1.6)
      colorize (~> 0.8.1)
      json-schema (~> 4.0.0)
      tiktoken_ruby (~> 0.0.5)
    multipart-post (2.3.0)
    public_suffix (5.0.1)
    ruby-openai (4.2.0)
      faraday (>= 1)
      faraday-multipart (>= 1)
    ruby2_keywords (0.0.5)
    tiktoken_ruby (0.0.5-arm64-darwin)

PLATFORMS
  arm64-darwin-22

DEPENDENCIES
  colorize
  google_palm_api
  langchainrb
  ruby-openai

BUNDLED WITH
   2.4.0
